PATH
  remote: .
  specs:
    rack-secure_only (0.4.1)
      rack (>= 1.1.0)

GEM
  remote: http://rubygems.org/
  specs:
    mocha (0.9.8)
      rake
    rack (1.2.1)
    rack-test (0.5.4)
      rack (>= 1.0)
    rake (0.8.7)
    rspec (1.3.0)

PLATFORMS
  ruby

DEPENDENCIES
  mocha (>= 0.9.8)
  rack (>= 1.1.0)
  rack-secure_only!
  rack-test (>= 0.5.3)
  rspec (>= 1.2.9)
