PATH
  remote: .
  specs:
    rack-secure_only (0.5.0)
      rack (>= 1.1.0)

GEM
  remote: http://rubygems.org/
  specs:
    mocha (0.9.8)
      rake
    rack (2.2.3)
    rack-test (0.5.4)
      rack (>= 1.0)
    rake (13.0.6)
    rspec (1.3.0)

PLATFORMS
  java
  ruby

DEPENDENCIES
  mocha (>= 0.9.8)
  rack-secure_only!
  rack-test (>= 0.5.3)
  rspec (>= 1.2.9)
